GEM
  remote: https://rubygems.org/
  specs:
    ox (2.13.2)
    power_assert (1.2.0)
    test-unit (3.3.5)
      power_assert
    unicode (0.4.4.4)
    yajl-ruby (1.4.2)

PLATFORMS
  ruby

DEPENDENCIES
  ox
  test-unit
  unicode
  yajl-ruby

BUNDLED WITH
   2.1.4
