GEM
  remote: https://rubygems.org/
  specs:
    ox (2.10.0)
    power_assert (1.1.3)
    test-unit (3.2.9)
      power_assert
    yajl-ruby (1.4.1)

PLATFORMS
  ruby

DEPENDENCIES
  ox
  test-unit
  yajl-ruby

BUNDLED WITH
   1.16.6
