GEM
  remote: https://rubygems.org/
  specs:
    ox (2.10.0)
    power_assert (1.1.3)
    test-unit (3.2.9)
      power_assert
    unicode (0.4.4.4)
    yajl-ruby (1.4.1)

PLATFORMS
  ruby

DEPENDENCIES
  ox
  test-unit
  unicode
  yajl-ruby

BUNDLED WITH
   1.16.6
